GIT
  remote: git://github.com/maccman/sinatra-contrib.git
  revision: 3dde2819a31791a9124d916c4449df0741af45f9
  specs:
    sinatra-contrib (1.4.1)
      multi_json
      rack-protection
      rack-test
      sinatra (~> 1.4.0)
      tilt (~> 1.3)

GEM
  remote: https://rubygems.org/
  specs:
    activemodel (4.1.5)
      activesupport (= 4.1.5)
      builder (~> 3.1)
    activerecord (4.1.5)
      activemodel (= 4.1.5)
      activesupport (= 4.1.5)
      arel (~> 5.0.0)
    activerecord-sqlserver-adapter (4.1.0)
      activerecord (~> 4.1.0)
      arel
    activesupport (4.1.5)
      i18n (~> 0.6, >= 0.6.9)
      json (~> 1.7, >= 1.7.7)
      minitest (~> 5.1)
      thread_safe (~> 0.1)
      tzinfo (~> 1.1)
    addressable (2.3.6)
    arel (5.0.1.20140414130214)
    bcrypt (3.1.9)
    bcrypt-ruby (3.1.5)
      bcrypt (>= 3.1.3)
    bson (1.10.2)
    bson_ext (1.10.2)
      bson (~> 1.10.2)
    builder (3.2.2)
    byebug (3.5.1)
      columnize (~> 0.8)
      debugger-linecache (~> 1.2)
      slop (~> 3.6)
    coffee-script (2.3.0)
      coffee-script-source
      execjs
    coffee-script-source (1.8.0)
    columnize (0.9.0)
    daemons (1.1.9)
    dalli (2.7.2)
    data_mapper (1.2.0)
      dm-aggregates (~> 1.2.0)
      dm-constraints (~> 1.2.0)
      dm-core (~> 1.2.0)
      dm-migrations (~> 1.2.0)
      dm-serializer (~> 1.2.0)
      dm-timestamps (~> 1.2.0)
      dm-transactions (~> 1.2.0)
      dm-types (~> 1.2.0)
      dm-validations (~> 1.2.0)
    debugger-linecache (1.2.0)
    dm-aggregates (1.2.0)
      dm-core (~> 1.2.0)
    dm-constraints (1.2.0)
      dm-core (~> 1.2.0)
    dm-core (1.2.1)
      addressable (~> 2.3)
    dm-migrations (1.2.0)
      dm-core (~> 1.2.0)
    dm-serializer (1.2.2)
      dm-core (~> 1.2.0)
      fastercsv (~> 1.5)
      json (~> 1.6)
      json_pure (~> 1.6)
      multi_json (~> 1.0)
    dm-timestamps (1.2.0)
      dm-core (~> 1.2.0)
    dm-transactions (1.2.0)
      dm-core (~> 1.2.0)
    dm-types (1.2.2)
      bcrypt-ruby (~> 3.0)
      dm-core (~> 1.2.0)
      fastercsv (~> 1.5)
      json (~> 1.6)
      multi_json (~> 1.0)
      stringex (~> 1.4)
      uuidtools (~> 2.1)
    dm-validations (1.2.0)
      dm-core (~> 1.2.0)
    dotenv (1.0.2)
    erubis (2.7.0)
    eventmachine (1.0.4)
    execjs (2.2.2)
    fastercsv (1.5.5)
    hike (1.2.3)
    hps (1.0.1)
      activesupport (>= 2.3.14, < 5.0.0)
      builder (>= 2.1.2, < 4.0.0)
    i18n (0.7.0)
    json (1.7.7)
    json_pure (1.8.2)
    kgio (2.9.3)
    mail (2.6.3)
      mime-types (>= 1.16, < 3)
    memcachier (0.0.2)
    memoist (0.11.0)
    mime-types (2.4.3)
    minitest (5.5.1)
    moneta (0.8.0)
    mongo (1.10.2)
      bson (= 1.10.2)
    multi_json (1.10.1)
    phony (2.12.3)
    pony (1.11)
      mail (>= 2.0)
    rack (1.6.0)
    rack-protection (1.5.3)
      rack
    rack-ssl-enforcer (0.2.8)
    rack-standards (0.0.1)
    rack-test (0.6.3)
      rack (>= 1.0)
    raindrops (0.13.0)
    rake (10.4.2)
    ruby-geometry (0.0.5)
      activesupport
      memoist
    sinatra (1.4.5)
      rack (~> 1.4)
      rack-protection (~> 1.4)
      tilt (~> 1.3, >= 1.3.4)
    sinatra-activerecord (2.0.4)
      activerecord (>= 3.2)
      sinatra (~> 1.0)
    slim (2.0.3)
      temple (~> 0.6.6)
      tilt (>= 1.3.3, < 2.1)
    slop (3.6.0)
    sprockets (2.12.3)
      hike (~> 1.2)
      multi_json (~> 1.0)
      rack (~> 1.0)
      tilt (~> 1.1, != 1.3.0)
    sprockets-memcache-store (0.0.3)
      dalli
    stringex (1.5.1)
    stylus (1.0.1)
      execjs
      stylus-source
    stylus-source (0.31.0)
    temple (0.6.10)
    thin (1.6.3)
      daemons (~> 1.0, >= 1.0.9)
      eventmachine (~> 1.0)
      rack (~> 1.0)
    thread_safe (0.3.4)
    tilt (1.4.1)
    tiny_tds (0.6.2)
    tzinfo (1.2.2)
      thread_safe (~> 0.1)
    uglifier (2.2.1)
      execjs (>= 0.3.0)
      multi_json (~> 1.0, >= 1.0.2)
    unicorn (4.8.3)
      kgio (~> 2.6)
      rack
      raindrops (~> 0.7)
    uuidtools (2.1.5)
    warden (1.2.3)
      rack (>= 1.0)

PLATFORMS
  ruby

DEPENDENCIES
  activerecord (= 4.1.5)
  activerecord-sqlserver-adapter (= 4.1.0)
  activesupport
  bson_ext (= 1.10.2)
  builder
  byebug
  coffee-script
  dalli
  data_mapper
  dotenv
  erubis
  hps (~> 1.0.1)
  i18n
  json (~> 1.7.7)
  memcachier
  moneta
  mongo (= 1.10.2)
  phony
  pony
  rack-ssl-enforcer
  rack-standards
  rake
  ruby-geometry
  sinatra
  sinatra-activerecord
  sinatra-contrib!
  slim
  sprockets
  sprockets-memcache-store
  stylus
  stylus-source (= 0.31.0)
  thin
  tiny_tds
  uglifier
  unicorn
  warden
